GEM
  remote: http://rubygems.org/
  specs:
    mocha (0.9.12)
    rake (0.9.2)

PLATFORMS
  ruby

DEPENDENCIES
  mocha
  rake
